GEM
  remote: https://rubygems.org/
  specs:
    bcrypt (3.1.7)
    dropbox-sdk (1.6.4)
      json
    fakeredis (0.5.0)
      redis (~> 3.0)
    hiredis (0.5.2)
    json (1.8.1)
    minitest (5.4.0)
    mysql2 (0.3.16)
    oj (2.9.9)
    puma (2.9.0)
      rack (>= 1.1, < 2.0)
    rack (1.5.2)
    rack-flash3 (1.0.5)
      rack
    rack-protection (1.5.3)
      rack
    rack-test (0.6.2)
      rack (>= 1.0)
    rake (10.3.2)
    redis (3.1.0)
    sequel (4.12.0)
    shotgun (0.9)
      rack (>= 1.0)
    sinatra (1.4.5)
      rack (~> 1.4)
      rack-protection (~> 1.4)
      tilt (~> 1.3, >= 1.3.4)
    tilt (1.4.1)

PLATFORMS
  ruby

DEPENDENCIES
  bcrypt
  dropbox-sdk
  fakeredis (~> 0.4)
  hiredis (~> 0.4)
  minitest (~> 5.2)
  mysql2
  oj
  puma
  rack-flash3
  rack-test (~> 0.6)
  rake (~> 10.0)
  redis (~> 3.0)
  sequel
  shotgun
  sinatra (~> 1.4)
